GEM
  remote: https://rubygems.org/
  specs:
    aruba (0.6.2)
      childprocess (>= 0.3.6)
      cucumber (>= 1.1.1)
      rspec-expectations (>= 2.7.0)
    builder (3.2.3)
    childprocess (1.0.1)
      rake (< 13.0)
    cucumber (1.3.20)
      builder (>= 2.1.2)
      diff-lcs (>= 1.1.3)
      gherkin (~> 2.12)
      multi_json (>= 1.7.5, < 2.0)
      multi_test (>= 0.1.2)
    diff-lcs (1.3)
    gherkin (2.12.2)
      multi_json (~> 1.3)
    multi_json (1.13.1)
    multi_test (0.1.2)
    rake (12.3.2)
    rspec-expectations (3.8.2)
      diff-lcs (>= 1.2.0, < 2.0)
      rspec-support (~> 3.8.0)
    rspec-support (3.8.0)

PLATFORMS
  ruby

DEPENDENCIES
  aruba (= 0.6.2)
  cucumber (~> 1.3.20)
